GEM
  remote: http://rubygems.org/
  specs:
    builder (3.0.0)
    coderay (1.0.0)
    cucumber (1.1.0)
      builder (>= 2.1.2)
      diff-lcs (>= 1.1.2)
      gherkin (~> 2.5.0)
      json (>= 1.4.6)
      term-ansicolor (>= 1.0.6)
    diff-lcs (1.1.3)
    gherkin (2.5.0)
      json (>= 1.4.6)
    highline (1.6.2)
    json (1.6.1)
    method_source (0.6.5)
      ruby_parser (>= 2.0.5)
    pry (0.9.6)
      coderay (>= 0.9.8)
      method_source (>= 0.6.5)
      ruby_parser (>= 2.0.5)
      slop (~> 2.1.0)
    rake (0.9.2)
    rally_rest_api (1.0.3)
    ruby_parser (2.3.1)
      sexp_processor (~> 3.0)
    sexp_processor (3.0.7)
    slop (2.1.0)
    term-ansicolor (1.0.6)

PLATFORMS
  ruby

DEPENDENCIES
  cucumber
  highline
  pry
  rake
  rally_rest_api
